GEM
  remote: https://rubygems.org/
  specs:
    allison (2.0.3)
    echoe (4.6.6)
      allison (>= 2.0.3)
      rake (>= 0.9.2)
      rdoc (>= 2.5.11)
      rubyforge (>= 2.0.4)
    json (1.8.1)
    json_pure (1.8.1)
    rake (10.4.2)
    rdoc (4.2.0)
      json (~> 1.4)
    rubyforge (2.0.4)
      json_pure (>= 1.1.7)

PLATFORMS
  ruby

DEPENDENCIES
  echoe

BUNDLED WITH
   1.10.5
